PATH
  remote: .
  specs:
    api_tomdoc (0.0.1)
      colored (~> 1.2)
      grit (~> 2.5)
      tomparse (~> 0.4)
      versionomy (~> 0.4)

GEM
  remote: https://rubygems.org/
  specs:
    activesupport (4.0.0)
      i18n (~> 0.6, >= 0.6.4)
      minitest (~> 4.2)
      multi_json (~> 1.3)
      thread_safe (~> 0.1)
      tzinfo (~> 0.3.37)
    atomic (1.1.13)
    blockenspiel (0.4.5)
    coderay (1.0.9)
    colored (1.2)
    diff-lcs (1.2.4)
    grit (2.5.0)
      diff-lcs (~> 1.1)
      mime-types (~> 1.15)
      posix-spawn (~> 0.3.6)
    i18n (0.6.5)
    metaclass (0.0.1)
    method_source (0.8.2)
    mime-types (1.25)
    minitest (4.7.5)
    mocha (0.14.0)
      metaclass (~> 0.0.1)
    multi_json (1.8.0)
    posix-spawn (0.3.6)
    pry (0.9.12.2)
      coderay (~> 1.0.5)
      method_source (~> 0.8)
      slop (~> 3.4)
    rake (10.1.0)
    slop (3.4.6)
    thread_safe (0.1.2)
      atomic
    tomparse (0.4.2)
    tzinfo (0.3.37)
    versionomy (0.4.4)
      blockenspiel (>= 0.4.5)

PLATFORMS
  ruby

DEPENDENCIES
  activesupport (~> 4.0)
  api_tomdoc!
  bundler (~> 1.3)
  mocha (~> 0.14)
  pry
  rake
