PATH
  remote: .
  specs:
    api_tomdoc (0.0.1)
      rdoc (~> 4.0)
      tomparse (~> 0.4)

GEM
  remote: https://rubygems.org/
  specs:
    activesupport (4.0.0)
      i18n (~> 0.6, >= 0.6.4)
      minitest (~> 4.2)
      multi_json (~> 1.3)
      thread_safe (~> 0.1)
      tzinfo (~> 0.3.37)
    atomic (1.1.10)
    coderay (1.0.9)
    i18n (0.6.5)
    json (1.8.0)
    method_source (0.8.2)
    minitest (4.7.5)
    multi_json (1.7.9)
    pry (0.9.12.2)
      coderay (~> 1.0.5)
      method_source (~> 0.8)
      slop (~> 3.4)
    rake (10.1.0)
    rdoc (4.0.1)
      json (~> 1.4)
    slop (3.4.6)
    thread_safe (0.1.0)
      atomic
    tomparse (0.4.2)
    tzinfo (0.3.37)

PLATFORMS
  ruby

DEPENDENCIES
  activesupport (~> 4.0)
  api_tomdoc!
  bundler (~> 1.3)
  pry
  rake
